GEM
  remote: https://rubygems.org/
  specs:
    pg (1.3.5)

PLATFORMS
  ruby

DEPENDENCIES
  pg

RUBY VERSION
   ruby 2.6.3p62

BUNDLED WITH
   1.17.3
